GEM
  remote: https://rubygems.org/
  specs:
    builder (3.2.2)
    crack (0.4.2)
      safe_yaml (~> 1.0.0)
    happymapper (0.4.1)
      libxml-ruby (~> 2.0)
    hashie (2.0.5)
    httparty (0.11.0)
      multi_json (~> 1.0)
      multi_xml (>= 0.5.2)
    json (1.8.1)
    libxml-ruby (2.7.0)
    mime-types (2.3)
    mini_portile (0.6.0)
    multi_json (1.10.1)
    multi_xml (0.5.5)
    nokogiri (1.6.2.1)
      mini_portile (= 0.6.0)
    nokogiri-happymapper (0.5.9)
      nokogiri (~> 1.5)
    pivotal-tracker (0.5.12)
      builder
      builder
      crack
      happymapper (>= 0.3.2)
      nokogiri (>= 1.4.3)
      nokogiri (>= 1.5.5)
      nokogiri-happymapper (>= 0.5.4)
      rest-client (~> 1.6.0)
      rest-client (~> 1.6.0)
    rake (10.1.0)
    rest-client (1.6.7)
      mime-types (>= 1.16)
    safe_yaml (1.0.3)
    sifter (0.2.0)
      hashie (~> 2.0.5)
      httparty (~> 0.11.0)

PLATFORMS
  ruby

DEPENDENCIES
  json
  pivotal-tracker
  rake
  sifter
